PATH
  remote: ../aboongm_rulers
  specs:
    aboongm_rulers (0.1.0)
      rack (~> 2.2)

GEM
  remote: https://rubygems.org/
  specs:
    rack (2.2.6.2)

PLATFORMS
  x86_64-linux

DEPENDENCIES
  aboongm_rulers!

BUNDLED WITH
   2.4.4
